GEM
  remote: https://rubygems.org/
  specs:
    ansi (1.5.0)
    base64 (0.2.0)
    bcrypt (3.1.20)
    builder (3.3.0)
    coderay (1.1.3)
    erubis (2.7.0)
    method_source (1.1.0)
    minitest (5.24.1)
    minitest-reporters (1.7.1)
      ansi
      builder
      minitest (>= 5.0)
      ruby-progressbar
    multi_json (1.15.0)
    mustermann (3.0.0)
      ruby2_keywords (~> 0.0.1)
    pry (0.14.2)
      coderay (~> 1.1)
      method_source (~> 1.0)
    rack (3.1.7)
    rack-protection (4.0.0)
      base64 (>= 0.1.0)
      rack (>= 3.0.0, < 4)
    rack-session (2.0.0)
      rack (>= 3.0.0)
    rack-test (2.1.0)
      rack (>= 1.3)
    redcarpet (3.6.0)
    ruby-progressbar (1.13.0)
    ruby2_keywords (0.0.5)
    sinatra (4.0.0)
      mustermann (~> 3.0)
      rack (>= 3.0.0, < 4)
      rack-protection (= 4.0.0)
      rack-session (>= 2.0.0, < 3)
      tilt (~> 2.0)
    sinatra-contrib (4.0.0)
      multi_json (>= 0.0.2)
      mustermann (~> 3.0)
      rack-protection (= 4.0.0)
      sinatra (= 4.0.0)
      tilt (~> 2.0)
    tilt (2.4.0)

PLATFORMS
  ruby
  x86_64-linux

DEPENDENCIES
  bcrypt
  erubis
  minitest
  minitest-reporters
  pry
  rack-test
  redcarpet
  sinatra
  sinatra-contrib

BUNDLED WITH
   2.5.13
